GEM
  remote: https://rubygems.org/
  specs:
    colorize (0.8.1)
    power_assert (1.0.1)
    rake (12.0.0)
    test-unit (3.2.3)
      power_assert

PLATFORMS
  ruby

DEPENDENCIES
  colorize
  rake
  test-unit

BUNDLED WITH
   1.14.5
