GEM
  remote: https://rubygems.org/
  specs:
    colorize (0.7.7)
    power_assert (0.2.7)
    test-unit (3.1.8)
      power_assert

PLATFORMS
  ruby

DEPENDENCIES
  colorize
  test-unit (= 3.1.8)

BUNDLED WITH
   1.11.2
