GEM
  remote: https://rubygems.org/
  specs:
    colorize (0.8.1)
    metaclass (0.0.4)
    minitest (5.10.1)
    mocha (1.2.1)
      metaclass (~> 0.0.1)
    power_assert (1.0.1)
    rake (12.0.0)
    test-unit (3.2.3)
      power_assert

PLATFORMS
  ruby

DEPENDENCIES
  colorize
  minitest
  mocha
  rake
  test-unit

BUNDLED WITH
   1.14.6
